GIT
  remote: https://github.com/rom-rb/devtools.git
  revision: 4382097b0527000fe754583aa6b3841466bbb036
  specs:
    devtools (0.0.2)

PATH
  remote: .
  specs:
    rom-mapper (0.0.0)
      abstract_type (~> 0.0.5)
      adamantium (~> 0.0.7)
      concord (~> 0.1)
      descendants_tracker (~> 0.0.1)
      equalizer (~> 0.0.5)

GEM
  remote: https://rubygems.org/
  specs:
    abstract_type (0.0.6)
    adamantium (0.0.11)
      ice_nine (~> 0.8.0)
    axiom (0.1.0)
      abstract_type (~> 0.0.5)
      adamantium (~> 0.0.7)
      backports (~> 3.1, >= 3.1.1)
      descendants_tracker (~> 0.0.1)
      equalizer (~> 0.0.5)
    backports (3.3.3)
    bogus (0.1.4)
      dependor (>= 0.0.4)
    concord (0.1.2)
      adamantium (~> 0.0.10)
      equalizer (~> 0.0.5)
    dependor (0.0.6)
    descendants_tracker (0.0.1)
    equalizer (0.0.5)
      adamantium (~> 0.0.6)
      backports (~> 3.0, >= 3.0.3)
    ice_nine (0.8.0)

PLATFORMS
  ruby

DEPENDENCIES
  axiom (~> 0.1)
  bogus (~> 0.1)
  devtools!
  rom-mapper!
